PATH
  remote: .
  specs:
    env_encrypt (0.1.0)
      aws-sdk

GEM
  remote: https://rubygems.org/
  specs:
    aws-sdk (2.10.7)
      aws-sdk-resources (= 2.10.7)
    aws-sdk-core (2.10.7)
      aws-sigv4 (~> 1.0)
      jmespath (~> 1.0)
    aws-sdk-resources (2.10.7)
      aws-sdk-core (= 2.10.7)
    aws-sigv4 (1.0.0)
    diff-lcs (1.3)
    jmespath (1.3.1)
    rake (13.0.1)
    rspec (3.6.0)
      rspec-core (~> 3.6.0)
      rspec-expectations (~> 3.6.0)
      rspec-mocks (~> 3.6.0)
    rspec-core (3.6.0)
      rspec-support (~> 3.6.0)
    rspec-expectations (3.6.0)
      diff-lcs (>= 1.2.0, < 2.0)
      rspec-support (~> 3.6.0)
    rspec-mocks (3.6.0)
      diff-lcs (>= 1.2.0, < 2.0)
      rspec-support (~> 3.6.0)
    rspec-support (3.6.0)

PLATFORMS
  ruby

DEPENDENCIES
  aws-sdk
  bundler (~> 1.14)
  env_encrypt!
  rake (~> 13.0)
  rspec

BUNDLED WITH
   1.14.6
